PATH
  remote: .
  specs:
    non-stupid-digest-assets (1.0.8)
      sprockets (>= 2.0)

GEM
  remote: https://rubygems.org/
  specs:
    concurrent-ruby (1.0.0)
    metaclass (0.0.4)
    minitest (5.8.4)
    mocha (1.1.0)
      metaclass (~> 0.0.1)
    rack (1.6.4)
    sprockets (3.5.2)
      concurrent-ruby (~> 1.0)
      rack (> 1, < 3)

PLATFORMS
  ruby

DEPENDENCIES
  minitest (~> 5.8.4)
  mocha (~> 1.1.0)
  non-stupid-digest-assets!

BUNDLED WITH
   1.11.2
